GEM
  remote: https://rubygems.org/
  specs:
    haversine (0.3.2)

PLATFORMS
  ruby

DEPENDENCIES
  haversine

BUNDLED WITH
   1.12.5
